PATH
  remote: .
  specs:
    inkblot (0.1.0)
      barby (~> 0.6.8)
      mini_magick (~> 4.11.0)
      rqrcode (~> 2.1.1)
      tty-command (~> 0.10.1)

GEM
  remote: https://rubygems.org/
  specs:
    awesome_print (1.8.0)
    barby (0.6.8)
    chunky_png (1.4.0)
    coderay (1.1.2)
    diff-lcs (1.3)
    docile (1.4.0)
    git (1.5.0)
    hirb (0.7.3)
    method_source (0.9.2)
    mini_magick (4.11.0)
    pastel (0.8.0)
      tty-color (~> 0.5)
    pry (0.12.2)
      coderay (~> 1.1.0)
      method_source (~> 0.9.0)
    rake (12.3.3)
    rqrcode (2.1.1)
      chunky_png (~> 1.0)
      rqrcode_core (~> 1.0)
    rqrcode_core (1.2.0)
    rspec (3.9.0)
      rspec-core (~> 3.9.0)
      rspec-expectations (~> 3.9.0)
      rspec-mocks (~> 3.9.0)
    rspec-core (3.9.1)
      rspec-support (~> 3.9.1)
    rspec-expectations (3.9.0)
      diff-lcs (>= 1.2.0, < 2.0)
      rspec-support (~> 3.9.0)
    rspec-mocks (3.9.1)
      diff-lcs (>= 1.2.0, < 2.0)
      rspec-support (~> 3.9.0)
    rspec-support (3.9.2)
    simplecov (0.21.2)
      docile (~> 1.1)
      simplecov-html (~> 0.11)
      simplecov_json_formatter (~> 0.1)
    simplecov-html (0.12.3)
    simplecov_json_formatter (0.1.4)
    tty-color (0.6.0)
    tty-command (0.10.1)
      pastel (~> 0.8)

PLATFORMS
  ruby

DEPENDENCIES
  awesome_print (~> 1.8.0)
  git (~> 1.5.0)
  hirb (~> 0.7.3)
  inkblot!
  pry (~> 0.12.2)
  rake (~> 12.0)
  rspec (~> 3.0)
  simplecov (~> 0.21.2)

BUNDLED WITH
   2.2.32
